GIT
  remote: git://github.com/medusa-project/fits.git
  revision: 1d8620943d7cb44b2690dc368a92f0e3ab6b01eb
  specs:
    fits (1.0.6)
      typhoeus (>= 0.6.2)

GIT
  remote: git://github.com/medusa-project/handle-server.git
  revision: d4f9632d60601073e06d0905c9ab9b1bff05b2fe
  specs:
    handle-server (1.0.1)
      httparty

GIT
  remote: git://github.com/medusa-project/net-http-digest_auth.git
  revision: 28c9ab897e240aa19afe120bce3b40f28c443bb0
  specs:
    net-http-digest_auth (1.3.0)

GIT
  remote: git://github.com/medusa-project/omniauth-shibboleth.git
  revision: 2c8f3390eeaf6be7d15f6aeaee605917aa985295
  specs:
    omniauth-shibboleth (1.0.8)
      omniauth (>= 1.0.0)

GIT
  remote: git://github.com/panter/delayed_job_active_record.git
  revision: 111a122cdc4d5cdae027691ef7c68c5a76470df7
  specs:
    delayed_job_active_record (4.0.0)
      activerecord (>= 3.0)
      delayed_job (>= 3.0)

GIT
  remote: git://github.com/plataformatec/simple_form.git
  revision: c3bc4af79df2f3f51500a38d8a84aa682f9ad009
  branch: master
  specs:
    simple_form (3.1.0.rc2)
      actionpack (~> 4.0)
      activemodel (~> 4.0)

GIT
  remote: git://github.com/seyhunak/twitter-bootstrap-rails.git
  revision: 1d93c5a77049b3d21d17c847ad0531d7714fa229
  branch: bootstrap3
  specs:
    twitter-bootstrap-rails (3.1.1)
      actionpack (>= 3.1)
      execjs
      rails (>= 3.1)
      railties (>= 3.1)

GIT
  remote: git://github.com/thoughtbot/paperclip.git
  revision: e8c1dc8a26183cf10e5eac7fb29eb7bdcf51d01f
  specs:
    paperclip (4.2.0)
      activemodel (>= 3.0.0)
      activesupport (>= 3.0.0)
      cocaine (~> 0.5.3)
      mime-types

GEM
  remote: https://rubygems.org/
  specs:
    actionmailer (4.1.4)
      actionpack (= 4.1.4)
      actionview (= 4.1.4)
      mail (~> 2.5.4)
    actionpack (4.1.4)
      actionview (= 4.1.4)
      activesupport (= 4.1.4)
      rack (~> 1.5.2)
      rack-test (~> 0.6.2)
    actionview (4.1.4)
      activesupport (= 4.1.4)
      builder (~> 3.1)
      erubis (~> 2.7.0)
    activemodel (4.1.4)
      activesupport (= 4.1.4)
      builder (~> 3.1)
    activerecord (4.1.4)
      activemodel (= 4.1.4)
      activesupport (= 4.1.4)
      arel (~> 5.0.0)
    activesupport (4.1.4)
      i18n (~> 0.6, >= 0.6.9)
      json (~> 1.7, >= 1.7.7)
      minitest (~> 5.1)
      thread_safe (~> 0.1)
      tzinfo (~> 1.1)
    addressable (2.3.6)
    amq-protocol (1.9.2)
    ansi (1.4.3)
    arel (5.0.1.20140414130214)
    auto_html (1.6.4)
      redcarpet (~> 3.1)
      rinku (~> 1.5.0)
    auto_strip_attributes (2.0.6)
      activerecord (>= 3.0)
    bagit (0.3.2)
      docopt (~> 0.5.0)
      validatable (~> 1.6)
    builder (3.2.2)
    bunny (1.4.0)
      amq-protocol (>= 1.9.2)
    cancan (1.6.10)
    capistrano (2.15.5)
      highline
      net-scp (>= 1.0.0)
      net-sftp (>= 2.0.0)
      net-ssh (>= 2.0.14)
      net-ssh-gateway (>= 1.1.0)
    capybara (2.4.1)
      mime-types (>= 1.16)
      nokogiri (>= 1.3.3)
      rack (>= 1.0.0)
      rack-test (>= 0.5.4)
      xpath (~> 2.0)
    capybara-email (2.4.0)
      capybara (~> 2.4)
      mail
    climate_control (0.0.3)
      activesupport (>= 3.0)
    cocaine (0.5.4)
      climate_control (>= 0.0.3, < 1.0)
    coffee-rails (4.0.1)
      coffee-script (>= 2.2.0)
      railties (>= 4.0.0, < 5.0)
    coffee-script (2.3.0)
      coffee-script-source
      execjs
    coffee-script-source (1.7.1)
    commonjs (0.2.7)
    cucumber (1.3.16)
      builder (>= 2.1.2)
      diff-lcs (>= 1.1.3)
      gherkin (~> 2.12)
      multi_json (>= 1.7.5, < 2.0)
      multi_test (>= 0.1.1)
    cucumber-rails (1.4.1)
      capybara (>= 1.1.2, < 3)
      cucumber (>= 1.3.8, < 2)
      mime-types (~> 1.16)
      nokogiri (~> 1.5)
      rails (>= 3, < 5)
    daemon_controller (1.2.0)
    daemons (1.1.9)
    dalli (2.7.2)
    database_cleaner (1.3.0)
    delayed_job (4.0.2)
      activesupport (>= 3.0, < 4.2)
    diff-lcs (1.2.5)
    docile (1.1.5)
    docopt (0.5.0)
    erubis (2.7.0)
    ethon (0.7.1)
      ffi (>= 1.3.0)
    eventmachine (1.0.3)
    execjs (2.2.1)
    factory_girl (4.4.0)
      activesupport (>= 3.0.0)
    ffi (1.9.3)
    font-awesome-rails (4.2.0.0)
      railties (>= 3.2, < 5.0)
    gherkin (2.12.2)
      multi_json (~> 1.3)
    haml (4.0.5)
      tilt
    haml-rails (0.5.3)
      actionpack (>= 4.0.1)
      activesupport (>= 4.0.1)
      haml (>= 3.1, < 5.0)
      railties (>= 4.0.1)
    hashie (3.2.0)
    highline (1.6.21)
    hike (1.2.3)
    httparty (0.13.1)
      json (~> 1.8)
      multi_xml (>= 0.5.2)
    i18n (0.6.11)
    jbuilder (2.1.3)
      activesupport (>= 3.0.0, < 5)
      multi_json (~> 1.2)
    jquery-rails (3.1.1)
      railties (>= 3.0, < 5.0)
      thor (>= 0.14, < 2.0)
    jquery-ui-rails (5.0.0)
      railties (>= 3.2.16)
    json (1.8.1)
    json_spec (1.1.2)
      multi_json (~> 1.0)
      rspec (>= 2.0, < 4.0)
    launchy (2.4.2)
      addressable (~> 2.3)
    less (2.5.1)
      commonjs (~> 0.2.7)
    less-rails (2.5.0)
      actionpack (>= 3.1)
      less (~> 2.5.0)
    libv8 (3.16.14.3)
    logger (1.2.8)
    macaddr (1.7.1)
      systemu (~> 2.6.2)
    mail (2.5.4)
      mime-types (~> 1.16)
      treetop (~> 1.4.8)
    mime-types (1.25.1)
    mini_magick (3.8.0)
      subexec (~> 0.2.1)
    mini_portile (0.6.0)
    minitest (5.4.0)
    multi_json (1.10.1)
    multi_test (0.1.1)
    multi_xml (0.5.5)
    net-scp (1.2.1)
      net-ssh (>= 2.6.5)
    net-sftp (2.1.2)
      net-ssh (>= 2.6.5)
    net-ssh (2.9.1)
    net-ssh-gateway (1.2.0)
      net-ssh (>= 2.6.5)
    netrc (0.7.7)
    nokogiri (1.6.3.1)
      mini_portile (= 0.6.0)
    omniauth (1.2.2)
      hashie (>= 1.2, < 4)
      rack (~> 1.0)
    passenger (4.0.48)
      daemon_controller (>= 1.2.0)
      rack
      rake (>= 0.8.1)
    pg (0.17.1)
    polyglot (0.3.5)
    rack (1.5.2)
    rack-test (0.6.2)
      rack (>= 1.0)
    rails (4.1.4)
      actionmailer (= 4.1.4)
      actionpack (= 4.1.4)
      actionview (= 4.1.4)
      activemodel (= 4.1.4)
      activerecord (= 4.1.4)
      activesupport (= 4.1.4)
      bundler (>= 1.3.0, < 2.0)
      railties (= 4.1.4)
      sprockets-rails (~> 2.0)
    rails3-jquery-autocomplete (1.0.14)
      rails (>= 3.0)
    railties (4.1.4)
      actionpack (= 4.1.4)
      activesupport (= 4.1.4)
      rake (>= 0.8.7)
      thor (>= 0.18.1, < 2.0)
    rake (10.3.2)
    redcarpet (3.1.2)
    ref (1.0.5)
    rest-client (1.7.2)
      mime-types (>= 1.16, < 3.0)
      netrc (~> 0.7)
    rinku (1.5.1)
    rspec (3.0.0)
      rspec-core (~> 3.0.0)
      rspec-expectations (~> 3.0.0)
      rspec-mocks (~> 3.0.0)
    rspec-core (3.0.3)
      rspec-support (~> 3.0.0)
    rspec-expectations (3.0.3)
      diff-lcs (>= 1.2.0, < 2.0)
      rspec-support (~> 3.0.0)
    rspec-mocks (3.0.3)
      rspec-support (~> 3.0.0)
    rspec-rails (3.0.2)
      actionpack (>= 3.0)
      activesupport (>= 3.0)
      railties (>= 3.0)
      rspec-core (~> 3.0.0)
      rspec-expectations (~> 3.0.0)
      rspec-mocks (~> 3.0.0)
      rspec-support (~> 3.0.0)
    rspec-support (3.0.3)
    ruby-filemagic (0.6.0)
    rvm-capistrano (1.5.3)
      capistrano (~> 2.15.4)
    sass (3.2.19)
    sass-rails (4.0.3)
      railties (>= 4.0.0, < 5.0)
      sass (~> 3.2.0)
      sprockets (~> 2.8, <= 2.11.0)
      sprockets-rails (~> 2.0)
    shoulda-matchers (2.6.2)
      activesupport (>= 3.0.0)
    simple_memoize (1.1.2)
    simplecov (0.9.0)
      docile (~> 1.1.0)
      multi_json
      simplecov-html (~> 0.8.0)
    simplecov-html (0.8.0)
    sprockets (2.11.0)
      hike (~> 1.2)
      multi_json (~> 1.0)
      rack (~> 1.0)
      tilt (~> 1.1, != 1.3.0)
    sprockets-rails (2.1.3)
      actionpack (>= 3.0)
      activesupport (>= 3.0)
      sprockets (~> 2.8)
    sqlite3 (1.3.9)
    subexec (0.2.3)
    systemu (2.6.4)
    therubyracer (0.12.1)
      libv8 (~> 3.16.14.0)
      ref
    thin (1.6.2)
      daemons (>= 1.0.9)
      eventmachine (>= 1.0.0)
      rack (>= 1.0.0)
    thor (0.19.1)
    thread_safe (0.3.4)
    tilt (1.4.1)
    tree.rb (0.3.12)
      ansi
      json
      nokogiri
      sqlite3
    treetop (1.4.15)
      polyglot
      polyglot (>= 0.3.1)
    typhoeus (0.6.9)
      ethon (>= 0.7.1)
    tzinfo (1.2.2)
      thread_safe (~> 0.1)
    uglifier (2.5.3)
      execjs (>= 0.3.0)
      json (>= 1.8.0)
    uuid (2.3.7)
      macaddr (~> 1.0)
    valid_email (0.0.7)
      activemodel
      mail
    validatable (1.6.7)
    xpath (2.0.0)
      nokogiri (~> 1.3)

PLATFORMS
  ruby

DEPENDENCIES
  auto_html
  auto_strip_attributes
  bagit
  bunny
  cancan
  capistrano
  capybara
  capybara-email
  coffee-rails
  cucumber-rails
  daemons
  dalli
  database_cleaner
  delayed_job_active_record!
  factory_girl
  fits (~> 1.0.6)!
  font-awesome-rails
  haml
  haml-rails
  handle-server (~> 1.0.1)!
  jbuilder
  jquery-rails
  jquery-ui-rails
  json_spec
  launchy
  less-rails
  logger
  mini_magick
  net-http-digest_auth!
  nokogiri
  omniauth
  omniauth-shibboleth!
  paperclip!
  passenger
  pg
  rails (~> 4.1)
  rails3-jquery-autocomplete
  rest-client
  rspec-rails
  ruby-filemagic
  rvm-capistrano
  sass-rails
  shoulda-matchers
  simple_form (~> 3.1.0.rc2)!
  simple_memoize
  simplecov
  therubyracer
  thin
  tree.rb
  twitter-bootstrap-rails!
  uglifier
  uuid
  valid_email
